GIT
  remote: https://github.com/pcboy/rforvo.git
  revision: fa34d7896868b4e9e429d05111f5c9fa90723a7b
  specs:
    rforvo (0.0.2)
      multi_json

GEM
  remote: https://rubygems.org/
  specs:
    attempt (0.2.0)
      structured_warnings
    awesome_print (1.6.1)
    diff-lcs (1.2.5)
    domain_name (0.5.25)
      unf (>= 0.0.5, < 1.0.0)
    furigana (0.0.6)
      diff-lcs
    google-search (1.0.3)
      json
    http-cookie (1.0.2)
      domain_name (~> 0.5)
    json (1.8.3)
    maybe (1.1.0)
    mechanize (2.7.4)
      domain_name (~> 0.5, >= 0.5.1)
      http-cookie (~> 1.0)
      mime-types (>= 1.17.2, < 3)
      net-http-digest_auth (~> 1.1, >= 1.1.1)
      net-http-persistent (~> 2.5, >= 2.5.2)
      nokogiri (~> 1.6)
      ntlm-http (~> 0.1, >= 0.1.1)
      webrobots (>= 0.0.9, < 0.2)
    mime-types (2.99)
    mini_portile2 (2.0.0)
    multi_json (1.11.2)
    net-http-digest_auth (1.4)
    net-http-persistent (2.9.4)
    nokogiri (1.6.7.1)
      mini_portile2 (~> 2.0.0.rc2)
    ntlm-http (0.1.1)
    rtatoeba (0.0.4)
      mechanize
    structured_warnings (0.2.0)
    trollop (2.1.2)
    unf (0.1.4)
      unf_ext
    unf_ext (0.0.7.1)
    webrobots (0.1.2)
    wordref (0.0.4)
      attempt
      multi_json
      nokogiri

PLATFORMS
  ruby

DEPENDENCIES
  attempt
  awesome_print
  diff-lcs
  furigana
  google-search
  maybe
  rforvo!
  rtatoeba
  trollop
  wordref

BUNDLED WITH
   1.11.2
