GIT
  remote: https://github.com/pcboy/rforvo.git
  revision: fa34d7896868b4e9e429d05111f5c9fa90723a7b
  specs:
    rforvo (0.0.2)
      multi_json

GEM
  remote: https://rubygems.org/
  specs:
    attempt (0.2.1)
      structured_warnings
    awesome_print (1.7.0)
    diff-lcs (1.2.5)
    domain_name (0.5.20160615)
      unf (>= 0.0.5, < 1.0.0)
    furigana (0.0.6)
      diff-lcs
    http-cookie (1.0.2)
      domain_name (~> 0.5)
    imgin (0.0.2)
      nokogiri (= 1.6.1)
      rspec (= 2.14.1)
    maybe (1.1.0)
    mechanize (2.7.4)
      domain_name (~> 0.5, >= 0.5.1)
      http-cookie (~> 1.0)
      mime-types (>= 1.17.2, < 3)
      net-http-digest_auth (~> 1.1, >= 1.1.1)
      net-http-persistent (~> 2.5, >= 2.5.2)
      nokogiri (~> 1.6)
      ntlm-http (~> 0.1, >= 0.1.1)
      webrobots (>= 0.0.9, < 0.2)
    mime-types (2.99.2)
    mini_portile (0.5.3)
    multi_json (1.12.1)
    net-http-digest_auth (1.4)
    net-http-persistent (2.9.4)
    nokogiri (1.6.1)
      mini_portile (~> 0.5.0)
    ntlm-http (0.1.1)
    rspec (2.14.1)
      rspec-core (~> 2.14.0)
      rspec-expectations (~> 2.14.0)
      rspec-mocks (~> 2.14.0)
    rspec-core (2.14.8)
    rspec-expectations (2.14.5)
      diff-lcs (>= 1.1.3, < 2.0)
    rspec-mocks (2.14.6)
    rtatoeba (0.0.4)
      mechanize
    structured_warnings (0.2.0)
    trollop (2.1.2)
    unf (0.1.4)
      unf_ext
    unf_ext (0.0.7.2)
    webrobots (0.1.2)
    wordref (0.0.4)
      attempt
      multi_json
      nokogiri

PLATFORMS
  ruby

DEPENDENCIES
  attempt
  awesome_print
  diff-lcs
  furigana
  imgin
  maybe
  rforvo!
  rtatoeba
  trollop
  wordref

BUNDLED WITH
   1.12.4
