GIT
  remote: https://github.com/pcboy/rforvo.git
  revision: a53f225195a3e349a7844316f1ce15ff9257ca37
  specs:
    rforvo (0.0.2)
      multi_json (~> 1.13)

GIT
  remote: https://github.com/pcboy/wordref.git
  revision: a05840d4447f5044618ef366b7a86b8a5e8d644b
  specs:
    wordref (0.0.6)
      attempt (~> 0.3)
      multi_json (~> 1.12)
      nokogiri (~> 1.6)

GEM
  remote: https://rubygems.org/
  specs:
    attempt (0.3.0)
      structured_warnings (~> 0.3.0)
    awesome_print (1.8.0)
    diff-lcs (1.3)
    domain_name (0.5.20170404)
      unf (>= 0.0.5, < 1.0.0)
    furigana (0.0.8)
      diff-lcs
    http-cookie (1.0.3)
      domain_name (~> 0.5)
    imgin (0.0.2)
      nokogiri (= 1.6.1)
      rspec (= 2.14.1)
    maybe (1.1.0)
    mechanize (2.7.5)
      domain_name (~> 0.5, >= 0.5.1)
      http-cookie (~> 1.0)
      mime-types (>= 1.17.2)
      net-http-digest_auth (~> 1.1, >= 1.1.1)
      net-http-persistent (~> 2.5, >= 2.5.2)
      nokogiri (~> 1.6)
      ntlm-http (~> 0.1, >= 0.1.1)
      webrobots (>= 0.0.9, < 0.2)
    mime-types (3.1)
      mime-types-data (~> 3.2015)
    mime-types-data (3.2016.0521)
    mini_portile (0.5.3)
    multi_json (1.13.0)
    net-http-digest_auth (1.4.1)
    net-http-persistent (2.9.4)
    nokogiri (1.6.1)
      mini_portile (~> 0.5.0)
    ntlm-http (0.1.1)
    rspec (2.14.1)
      rspec-core (~> 2.14.0)
      rspec-expectations (~> 2.14.0)
      rspec-mocks (~> 2.14.0)
    rspec-core (2.14.8)
    rspec-expectations (2.14.5)
      diff-lcs (>= 1.1.3, < 2.0)
    rspec-mocks (2.14.6)
    rtatoeba (1.1.0)
      mechanize
    structured_warnings (0.3.0)
    trollop (2.1.2)
    unf (0.1.4)
      unf_ext
    unf_ext (0.0.7.4)
    webrobots (0.1.2)

PLATFORMS
  ruby

DEPENDENCIES
  attempt (= 0.3)
  awesome_print
  diff-lcs
  furigana
  imgin
  maybe
  rforvo!
  rtatoeba (>= 1.0.2)
  trollop
  wordref!

BUNDLED WITH
   1.15.4
