GIT
  remote: https://github.com/pcboy/rforvo.git
  revision: fa34d7896868b4e9e429d05111f5c9fa90723a7b
  specs:
    rforvo (0.0.2)
      multi_json

GIT
  remote: https://github.com/pcboy/rtatoeba.git
  revision: 6adeb7a09c2b37750607ae226db54ee004958f29
  specs:
    rtatoeba (0.0.2)
      mechanize

GIT
  remote: https://github.com/pcboy/wordref.git
  revision: f895932cc48dc7686a76047af25abdf1009bd91b
  specs:
    wordref (0.0.1)
      attempt
      multi_json
      nokogiri

GEM
  remote: https://rubygems.org/
  specs:
    attempt (0.2.0)
      structured_warnings
    awesome_print (1.1.0)
    diff-lcs (1.2.4)
    domain_name (0.5.24)
      unf (>= 0.0.5, < 1.0.0)
    furigana (0.0.4)
      diff-lcs
    google-search (1.0.3)
      json
    http-cookie (1.0.2)
      domain_name (~> 0.5)
    json (1.8.3)
    maybe (1.1.0)
    mechanize (2.7.3)
      domain_name (~> 0.5, >= 0.5.1)
      http-cookie (~> 1.0)
      mime-types (~> 2.0)
      net-http-digest_auth (~> 1.1, >= 1.1.1)
      net-http-persistent (~> 2.5, >= 2.5.2)
      nokogiri (~> 1.4)
      ntlm-http (~> 0.1, >= 0.1.1)
      webrobots (>= 0.0.9, < 0.2)
    mime-types (2.6.1)
    mini_portile (0.6.2)
    multi_json (1.11.2)
    net-http-digest_auth (1.4)
    net-http-persistent (2.9.4)
    nokogiri (1.6.6.2)
      mini_portile (~> 0.6.0)
    ntlm-http (0.1.1)
    structured_warnings (0.1.4)
    trollop (2.0)
    unf (0.1.4)
      unf_ext
    unf_ext (0.0.7.1)
    webrobots (0.1.1)

PLATFORMS
  ruby

DEPENDENCIES
  attempt
  awesome_print
  diff-lcs
  furigana
  google-search
  maybe
  rforvo!
  rtatoeba!
  trollop
  wordref!

BUNDLED WITH
   1.10.6
